GIT
  remote: https://github.com/vivekdubey/cloudformation_stack.git
  revision: 3787f4023dfa75c4bd197f984aa2fa7bc6d71d07
  branch: v4
  specs:
    cloudformation_stack (1.0.0)
      aws-sdk (= 2.8.14)
      bundler (> 1.10.6)
      rake (= 10.4.2)

GEM
  remote: https://rubygems.org/
  specs:
    aws-sdk (2.8.14)
      aws-sdk-resources (= 2.8.14)
    aws-sdk-core (2.8.14)
      aws-sigv4 (~> 1.0)
      jmespath (~> 1.0)
    aws-sdk-resources (2.8.14)
      aws-sdk-core (= 2.8.14)
    aws-sigv4 (1.0.0)
    jmespath (1.3.1)
    rake (10.4.2)

PLATFORMS
  ruby

DEPENDENCIES
  cloudformation_stack!
  rake

BUNDLED WITH
   1.15.0
